PATH
  remote: .
  specs:
    daodalus (0.0.1)
      bson_ext (~> 1.8.0)
      mongo (~> 1.8.0)
      wendy

GEM
  remote: https://rubygems.org/
  specs:
    activesupport (3.2.9)
      i18n (~> 0.6)
      multi_json (~> 1.0)
    bson (1.8.0)
      activesupport
    bson_ext (1.8.0)
      bson (~> 1.8.0)
    diff-lcs (1.1.3)
    i18n (0.6.1)
    mongo (1.8.0)
      bson (~> 1.8.0)
    multi_json (1.4.0)
    rake (10.0.2)
    rspec (2.12.0)
      rspec-core (~> 2.12.0)
      rspec-expectations (~> 2.12.0)
      rspec-mocks (~> 2.12.0)
    rspec-core (2.12.1)
    rspec-expectations (2.12.0)
      diff-lcs (~> 1.1.3)
    rspec-mocks (2.12.0)
    simplecov (0.7.1)
      multi_json (~> 1.0)
      simplecov-html (~> 0.7.1)
    simplecov-html (0.7.1)
    wendy (0.0.2)

PLATFORMS
  ruby

DEPENDENCIES
  daodalus!
  rake
  rspec
  simplecov
